GEM
  remote: https://rubygems.org/
  specs:
    analytics-ruby (2.0.13)
    dotenv (2.0.2)
    ethon (0.8.0)
      ffi (>= 1.3.0)
    faraday (0.9.2)
      multipart-post (>= 1.2, < 3)
    ffi (1.9.10)
    gibbon (2.1.0)
      faraday (>= 0.9.1)
      multi_json (>= 1.11.0)
    mixpanel_client (4.1.3)
      typhoeus
    multi_json (1.11.2)
    multipart-post (2.0.0)
    typhoeus (0.8.0)
      ethon (>= 0.8.0)

PLATFORMS
  ruby

DEPENDENCIES
  analytics-ruby
  dotenv
  gibbon
  mixpanel_client

BUNDLED WITH
   1.10.6
