GEM
  remote: https://rubygems.org/
  specs:
    addressable (2.4.0)
    analytics-ruby (2.0.13)
    coveralls (0.8.13)
      json (~> 1.8)
      simplecov (~> 0.11.0)
      term-ansicolor (~> 1.3)
      thor (~> 0.19.1)
      tins (~> 1.6.0)
    crack (0.4.3)
      safe_yaml (~> 1.0.0)
    customerio (0.6.1)
      httparty (>= 0.5, < 0.12)
      multi_json (~> 1.0)
    docile (1.1.5)
    dotenv (2.0.2)
    ethon (0.8.0)
      ffi (>= 1.3.0)
    faraday (0.9.2)
      multipart-post (>= 1.2, < 3)
    ffi (1.9.10)
    gibbon (2.1.0)
      faraday (>= 0.9.1)
      multi_json (>= 1.11.0)
    hashdiff (0.3.0)
    httparty (0.11.0)
      multi_json (~> 1.0)
      multi_xml (>= 0.5.2)
    json (1.8.3)
    mixpanel_client (4.1.3)
      typhoeus
    multi_json (1.11.2)
    multi_xml (0.5.5)
    multipart-post (2.0.0)
    pipedrive-ruby (0.3.3)
      coveralls
      httparty
      json (>= 1.7.7)
      multi_xml (>= 0.5.2)
      webmock
    safe_yaml (1.0.4)
    simplecov (0.11.2)
      docile (~> 1.1.0)
      json (~> 1.8)
      simplecov-html (~> 0.10.0)
    simplecov-html (0.10.0)
    term-ansicolor (1.3.2)
      tins (~> 1.0)
    thor (0.19.1)
    tins (1.6.0)
    typhoeus (0.8.0)
      ethon (>= 0.8.0)
    webmock (2.0.2)
      addressable (>= 2.3.6)
      crack (>= 0.3.2)
      hashdiff

PLATFORMS
  ruby

DEPENDENCIES
  analytics-ruby
  customerio
  dotenv
  gibbon
  mixpanel_client
  pipedrive-ruby

BUNDLED WITH
   1.10.6
